GEM
  remote: https://rubygems.org/
  specs:
    json (2.1.0)
    pg (0.20.0)

PLATFORMS
  ruby

DEPENDENCIES
  json
  pg

BUNDLED WITH
   1.15.0
